GEM
  remote: https://rubygems.org/
  specs:
    addressable (2.3.4)
    diff-lcs (1.2.4)
    extlib (0.9.16)
    faraday (0.9.0.rc5)
      multipart-post (~> 1.1)
    json (1.7.7)
    jwt (0.1.8)
      multi_json (>= 1.5)
    kramdown (1.0.2)
    launchy (2.3.0)
      addressable (~> 2.3)
    multi_json (1.7.3)
    multipart-post (1.2.0)
    rake (10.0.4)
    rcov (1.0.0)
    rspec (2.13.0)
      rspec-core (~> 2.13.0)
      rspec-expectations (~> 2.13.0)
      rspec-mocks (~> 2.13.0)
    rspec-core (2.13.1)
    rspec-expectations (2.13.0)
      diff-lcs (>= 1.1.3, < 2.0)
    rspec-mocks (2.13.1)
    yard (0.8.6.1)

PLATFORMS
  ruby

DEPENDENCIES
  addressable (>= 2.3.1)
  extlib (>= 0.9.15)
  faraday (>= 0.9.0.rc5)
  jruby-openssl
  json (~> 1.7.7)
  jwt (>= 0.1.5)
  kramdown
  launchy (>= 2.1.1)
  multi_json (>= 1.0.0)
  rake (>= 0.9.0)
  rcov (>= 0.9.9)
  rspec (>= 2.11.0)
  yard
